PATH
  remote: .
  specs:
    bueller (0.0.1)
      bundler (~> 1.0.0)
      git (>= 1.2.5)
      rake
      ruby2ruby
      ruby_parser

GEM
  remote: http://gemcutter.org/
  remote: http://gems.github.com/
  specs:
    activesupport (2.3.10)
    bluecloth (2.0.9)
    builder (2.1.2)
    cucumber (0.9.4)
      builder (~> 2.1.2)
      diff-lcs (~> 1.1.2)
      gherkin (~> 2.2.9)
      json (~> 1.4.6)
      term-ansicolor (~> 1.0.5)
    diff-lcs (1.1.2)
    gherkin (2.2.9)
      json (~> 1.4.6)
      term-ansicolor (~> 1.0.5)
    git (1.2.5)
    json (1.4.6)
    mhennemeyer-output_catcher (1.0.1)
    rake (0.8.7)
    rcov (0.9.9)
    redgreen (1.2.2)
    rspec (2.0.1)
      rspec-core (~> 2.0.1)
      rspec-expectations (~> 2.0.1)
      rspec-mocks (~> 2.0.1)
    rspec-core (2.0.1)
    rspec-expectations (2.0.1)
      diff-lcs (>= 1.1.2)
    rspec-mocks (2.0.1)
      rspec-core (~> 2.0.1)
      rspec-expectations (~> 2.0.1)
    ruby2ruby (1.2.5)
      ruby_parser (~> 2.0)
      sexp_processor (~> 3.0)
    ruby_parser (2.0.5)
      sexp_processor (~> 3.0)
    sandbox (0.1.1)
    sexp_processor (3.0.5)
    term-ansicolor (1.0.5)
    timecop (0.3.5)
    yard (0.6.2)

PLATFORMS
  ruby

DEPENDENCIES
  activesupport (~> 2.3.5)
  bluecloth
  bueller!
  bundler (~> 1.0.0)
  cucumber
  git (>= 1.2.5)
  mhennemeyer-output_catcher
  rake
  rcov
  redgreen
  rspec (~> 2.0.0)
  ruby2ruby
  ruby_parser
  sandbox
  timecop
  yard (~> 0.6.0)
