PATH
  remote: .
  specs:
    bueller (0.0.1)
      bundler (~> 1.0.0)
      git (>= 1.2.5)
      rake

GEM
  remote: http://gemcutter.org/
  remote: http://gems.github.com/
  specs:
    activesupport (2.3.9)
    bluecloth (2.0.7)
    builder (2.1.2)
    cucumber (0.8.5)
      builder (~> 2.1.2)
      diff-lcs (~> 1.1.2)
      gherkin (~> 2.1.4)
      json_pure (~> 1.4.3)
      term-ansicolor (~> 1.0.4)
    diff-lcs (1.1.2)
    gherkin (2.1.5)
      trollop (~> 1.16.2)
    git (1.2.5)
    json_pure (1.4.6)
    mhennemeyer-output_catcher (1.0.1)
    rake (0.8.7)
    rcov (0.9.9)
    redgreen (1.2.2)
    rspec (2.0.0.beta.22)
      rspec-core (= 2.0.0.beta.22)
      rspec-expectations (= 2.0.0.beta.22)
      rspec-mocks (= 2.0.0.beta.22)
    rspec-core (2.0.0.beta.22)
    rspec-expectations (2.0.0.beta.22)
      diff-lcs (>= 1.1.2)
    rspec-mocks (2.0.0.beta.22)
      rspec-core (= 2.0.0.beta.22)
      rspec-expectations (= 2.0.0.beta.22)
    term-ansicolor (1.0.5)
    test-construct (1.2.0)
    timecop (0.3.5)
    trollop (1.16.2)
    yard (0.6.1)

PLATFORMS
  ruby

DEPENDENCIES
  activesupport (~> 2.3.5)
  bluecloth
  bueller!
  bundler (~> 1.0.0)
  cucumber
  git (>= 1.2.5)
  mhennemeyer-output_catcher
  rake
  rcov
  redgreen
  rspec (~> 2.0.0.beta.20)
  test-construct
  timecop
  yard (~> 0.6.0)
